PATH
  remote: .
  specs:
    sticker-integration (0.1.1)

GEM
  remote: https://rubygems.org/
  specs:
    rake (10.1.0)

PLATFORMS
  ruby

DEPENDENCIES
  bundler (~> 1.16)
  rake (~> 10.0)
  sticker-integration!

BUNDLED WITH
   1.16.1
